PATH
  remote: .
  specs:
    uniflake (0.0.1)

GEM
  remote: https://rubygems.org/
  specs:

PLATFORMS
  x86_64-linux

DEPENDENCIES
  uniflake!

BUNDLED WITH
   2.4.4
